GEM
  remote: http://rubygems.org/
  specs:
    actionmailer (3.2.1)
      actionpack (= 3.2.1)
      mail (~> 2.4.0)
    actionpack (3.2.1)
      activemodel (= 3.2.1)
      activesupport (= 3.2.1)
      builder (~> 3.0.0)
      erubis (~> 2.7.0)
      journey (~> 1.0.1)
      rack (~> 1.4.0)
      rack-cache (~> 1.1)
      rack-test (~> 0.6.1)
      sprockets (~> 2.1.2)
    activemodel (3.2.1)
      activesupport (= 3.2.1)
      builder (~> 3.0.0)
    activerecord (3.2.1)
      activemodel (= 3.2.1)
      activesupport (= 3.2.1)
      arel (~> 3.0.0)
      tzinfo (~> 0.3.29)
    activeresource (3.2.1)
      activemodel (= 3.2.1)
      activesupport (= 3.2.1)
    activesupport (3.2.1)
      i18n (~> 0.6)
      multi_json (~> 1.0)
    addressable (2.2.5)
    archive-tar-minitar (0.5.2)
    arel (3.0.2)
    builder (3.0.0)
    capybara (0.4.1.2)
      celerity (>= 0.7.9)
      culerity (>= 0.2.4)
      mime-types (>= 1.16)
      nokogiri (>= 1.3.3)
      rack (>= 1.0.0)
      rack-test (>= 0.5.4)
      selenium-webdriver (>= 0.0.27)
      xpath (~> 0.1.3)
    celerity (0.8.9)
    childprocess (0.1.8)
      ffi (~> 1.0.6)
    columnize (0.3.2)
    configuration (1.2.0)
    crack (0.1.8)
    culerity (0.2.15)
    daemons (1.1.6)
    database_cleaner (0.6.0)
    delayed_job (2.1.4)
      activesupport (~> 3.0)
      daemons
    erubis (2.7.0)
    eventmachine (0.12.10)
    faker (0.9.5)
      i18n (~> 0.4)
    faraday (0.5.7)
      addressable (~> 2.2.4)
      multipart-post (~> 1.1.0)
      rack (>= 1.1.0, < 2)
      rack (>= 1.1.0, < 2)
    ffi (1.0.11)
    haml (3.0.25)
    hike (1.2.1)
    httparty (0.4.5)
      crack (>= 0.1.1)
    i18n (0.6.0)
    journey (1.0.3)
    jquery-rails (0.2.7)
      rails (~> 3.0)
      thor (~> 0.14.4)
    json (1.7.3)
    json_pure (1.5.1)
    launchy (0.4.0)
      configuration (>= 0.0.5)
      rake (>= 0.8.1)
    linecache (0.43)
    linecache19 (0.5.12)
      ruby_core_source (>= 0.1.4)
    machinist (1.0.6)
    mail (2.4.4)
      i18n (>= 0.4.0)
      mime-types (~> 1.16)
      treetop (~> 1.4.8)
    mime-types (1.18)
    mocha (0.9.12)
    multi_json (1.3.5)
    multipart-post (1.1.0)
    mysql2 (0.3.11)
    newrelic_rpm (3.3.4.1)
    nokogiri (1.4.4)
    notifo (0.1.0)
      httparty (~> 0.4.5)
    open4 (1.0.1)
    polyglot (0.3.3)
    rack (1.4.1)
    rack-cache (1.2)
      rack (>= 0.4)
    rack-ssl (1.3.2)
      rack
    rack-test (0.6.1)
      rack (>= 1.0)
    rails (3.2.1)
      actionmailer (= 3.2.1)
      actionpack (= 3.2.1)
      activerecord (= 3.2.1)
      activeresource (= 3.2.1)
      activesupport (= 3.2.1)
      bundler (~> 1.0)
      railties (= 3.2.1)
    railties (3.2.1)
      actionpack (= 3.2.1)
      activesupport (= 3.2.1)
      rack-ssl (~> 1.3.2)
      rake (>= 0.8.7)
      rdoc (~> 3.4)
      thor (~> 0.14.6)
    rake (0.9.2.2)
    rdoc (3.12)
      json (~> 1.4)
    ruby-debug (0.10.4)
      columnize (>= 0.1)
      ruby-debug-base (~> 0.10.4.0)
    ruby-debug-base (0.10.4)
      linecache (>= 0.3)
    ruby-debug-base19 (0.11.25)
      columnize (>= 0.3.1)
      linecache19 (>= 0.5.11)
      ruby_core_source (>= 0.1.4)
    ruby-debug19 (0.11.6)
      columnize (>= 0.3.1)
      linecache19 (>= 0.5.11)
      ruby-debug-base19 (>= 0.11.19)
    ruby_core_source (0.1.5)
      archive-tar-minitar (>= 0.5.2)
    rubyzip (0.9.4)
    scashin133-xmpp4r-simple (0.8.9)
      xmpp4r (>= 0.3.2)
    selenium-webdriver (0.1.4)
      childprocess (>= 0.1.7)
      ffi (>= 1.0.7)
      json_pure
      rubyzip
    shout-bot (0.0.4)
      addressable
    simple_oauth (0.1.4)
    sprockets (2.1.3)
      hike (~> 1.2)
      rack (~> 1.0)
      tilt (~> 1.1, != 1.3.0)
    stringex (1.2.1)
    thin (1.3.1)
      daemons (>= 1.0.9)
      eventmachine (>= 0.12.6)
      rack (>= 1.0.0)
    thor (0.14.6)
    tilt (1.3.3)
    tinder (1.4.3)
      activesupport
      eventmachine
      faraday (~> 0.5.1)
      mime-types
      multipart-post
      twitter-stream
    treetop (1.4.10)
      polyglot
      polyglot (>= 0.3.1)
    twitter-stream (0.1.13)
      eventmachine (~> 0.12.8)
      simple_oauth (~> 0.1.4)
    tzinfo (0.3.33)
    webmock (1.6.2)
      addressable (>= 2.2.2)
      crack (>= 0.1.7)
    xmpp4r (0.5)
    xpath (0.1.3)
      nokogiri (~> 1.3)

PLATFORMS
  ruby

DEPENDENCIES
  capybara
  crack
  database_cleaner
  delayed_job
  faker
  haml
  jquery-rails
  json
  launchy
  machinist
  mocha
  mysql2 (~> 0.3.10)
  newrelic_rpm
  nokogiri
  notifo
  open4
  rails (= 3.2.1)
  ruby-debug
  ruby-debug19
  scashin133-xmpp4r-simple (= 0.8.9)
  shout-bot
  stringex
  thin
  tinder
  webmock
