GEM
  remote: http://rubygems.org/
  specs:
    actionmailer (3.2.8)
      actionpack (= 3.2.8)
      mail (~> 2.4.4)
    actionpack (3.2.8)
      activemodel (= 3.2.8)
      activesupport (= 3.2.8)
      builder (~> 3.0.0)
      erubis (~> 2.7.0)
      journey (~> 1.0.4)
      rack (~> 1.4.0)
      rack-cache (~> 1.2)
      rack-test (~> 0.6.1)
      sprockets (~> 2.1.3)
    activemodel (3.2.8)
      activesupport (= 3.2.8)
      builder (~> 3.0.0)
    activerecord (3.2.8)
      activemodel (= 3.2.8)
      activesupport (= 3.2.8)
      arel (~> 3.0.2)
      tzinfo (~> 0.3.29)
    activeresource (3.2.8)
      activemodel (= 3.2.8)
      activesupport (= 3.2.8)
    activesupport (3.2.8)
      i18n (~> 0.6)
      multi_json (~> 1.0)
    acts_as_list (0.1.8)
    addressable (2.3.2)
    archive-tar-minitar (0.5.2)
    arel (3.0.2)
    builder (3.0.4)
    capistrano (2.13.5)
      highline
      net-scp (>= 1.0.0)
      net-sftp (>= 2.0.0)
      net-ssh (>= 2.0.14)
      net-ssh-gateway (>= 1.1.0)
    capybara (1.1.3)
      mime-types (>= 1.16)
      nokogiri (>= 1.3.3)
      rack (>= 1.0.0)
      rack-test (>= 0.5.4)
      selenium-webdriver (~> 2.0)
      xpath (~> 0.1.4)
    childprocess (0.3.6)
      ffi (~> 1.0, >= 1.0.6)
    coffee-rails (3.2.2)
      coffee-script (>= 2.2.0)
      railties (~> 3.2.0)
    coffee-script (2.2.0)
      coffee-script-source
      execjs
    coffee-script-source (1.4.0)
    columnize (0.3.6)
    crack (0.3.1)
    daemons (1.1.9)
    database_cleaner (0.9.1)
    delayed_job (3.0.3)
      activesupport (~> 3.0)
    delayed_job_active_record (0.3.3)
      activerecord (>= 2.1.0, < 4)
      delayed_job (~> 3.0)
    erubis (2.7.0)
    eventmachine (1.0.0)
    execjs (1.4.0)
      multi_json (~> 1.0)
    faker (1.1.2)
      i18n (~> 0.5)
    faraday (0.8.4)
      multipart-post (~> 1.1)
    faraday_middleware (0.9.0)
      faraday (>= 0.7.4, < 0.9)
    ffi (1.1.5)
    grizzled-rails-logger (0.1.5)
      term-ansicolor (>= 1.0.7)
    haml (3.1.7)
    hashie (1.2.0)
    highline (1.6.15)
    hike (1.2.1)
    http_parser.rb (0.5.3)
    httparty (0.4.5)
      crack (>= 0.1.1)
    i18n (0.6.1)
    journey (1.0.4)
    jquery-rails (2.1.3)
      railties (>= 3.1.0, < 5.0)
      thor (~> 0.14)
    json (1.7.5)
    launchy (2.1.2)
      addressable (~> 2.3)
    libv8 (3.3.10.4)
    libwebsocket (0.1.5)
      addressable
    linecache (0.46)
      rbx-require-relative (> 0.0.4)
    linecache19 (0.5.12)
      ruby_core_source (>= 0.1.4)
    machinist (2.0)
    mail (2.4.4)
      i18n (>= 0.4.0)
      mime-types (~> 1.16)
      treetop (~> 1.4.8)
    metaclass (0.0.1)
    mime-types (1.19)
    mocha (0.12.7)
      metaclass (~> 0.0.1)
    multi_json (1.3.7)
    multipart-post (1.1.5)
    mysql2 (0.3.11)
    net-scp (1.0.4)
      net-ssh (>= 1.99.1)
    net-sftp (2.0.5)
      net-ssh (>= 2.0.9)
    net-ssh (2.6.1)
    net-ssh-gateway (1.1.0)
      net-ssh (>= 1.99.1)
    nokogiri (1.5.5)
    notifo (0.1.0)
      httparty (~> 0.4.5)
    open4 (1.3.0)
    polyglot (0.3.3)
    rack (1.4.1)
    rack-cache (1.2)
      rack (>= 0.4)
    rack-ssl (1.3.2)
      rack
    rack-test (0.6.2)
      rack (>= 1.0)
    rails (3.2.8)
      actionmailer (= 3.2.8)
      actionpack (= 3.2.8)
      activerecord (= 3.2.8)
      activeresource (= 3.2.8)
      activesupport (= 3.2.8)
      bundler (~> 1.0)
      railties (= 3.2.8)
    railties (3.2.8)
      actionpack (= 3.2.8)
      activesupport (= 3.2.8)
      rack-ssl (~> 1.3.2)
      rake (>= 0.8.7)
      rdoc (~> 3.4)
      thor (>= 0.14.6, < 2.0)
    rake (0.9.2.2)
    rbx-require-relative (0.0.9)
    rdoc (3.12)
      json (~> 1.4)
    ruby-debug (0.10.4)
      columnize (>= 0.1)
      ruby-debug-base (~> 0.10.4.0)
    ruby-debug-base (0.10.4)
      linecache (>= 0.3)
    ruby-debug-base19 (0.11.25)
      columnize (>= 0.3.1)
      linecache19 (>= 0.5.11)
      ruby_core_source (>= 0.1.4)
    ruby-debug19 (0.11.6)
      columnize (>= 0.3.1)
      linecache19 (>= 0.5.11)
      ruby-debug-base19 (>= 0.11.19)
    ruby_core_source (0.1.5)
      archive-tar-minitar (>= 0.5.2)
    rubyzip (0.9.9)
    rvm-capistrano (1.2.7)
      capistrano (>= 2.0.0)
    scashin133-xmpp4r-simple (0.8.9)
      xmpp4r (>= 0.3.2)
    selenium-webdriver (2.26.0)
      childprocess (>= 0.2.5)
      libwebsocket (~> 0.1.3)
      multi_json (~> 1.0)
      rubyzip
    shout-bot (0.0.6)
      addressable
    simple_oauth (0.1.9)
    sprockets (2.1.3)
      hike (~> 1.2)
      rack (~> 1.0)
      tilt (~> 1.1, != 1.3.0)
    stringex (1.4.0)
    term-ansicolor (1.0.7)
    therubyracer (0.10.2)
      libv8 (~> 3.3.10)
    thin (1.5.0)
      daemons (>= 1.0.9)
      eventmachine (>= 0.12.6)
      rack (>= 1.0.0)
    thor (0.16.0)
    tilt (1.3.3)
    tinder (1.9.1)
      eventmachine (>= 0.12.0, < 2)
      faraday (~> 0.8)
      faraday_middleware (~> 0.8)
      hashie (~> 1.0)
      json (~> 1.6)
      mime-types (~> 1.16)
      multi_json (~> 1.0)
      multipart-post (~> 1.1)
      twitter-stream (~> 0.1)
    treetop (1.4.12)
      polyglot
      polyglot (>= 0.3.1)
    twitter-bootstrap-rails (2.1.6)
      actionpack (>= 3.1)
      execjs
      railties (>= 3.1)
    twitter-stream (0.1.16)
      eventmachine (>= 0.12.8)
      http_parser.rb (~> 0.5.1)
      simple_oauth (~> 0.1.4)
    tzinfo (0.3.35)
    uglifier (1.3.0)
      execjs (>= 0.3.0)
      multi_json (~> 1.0, >= 1.0.2)
    webmock (1.9.0)
      addressable (>= 2.2.7)
      crack (>= 0.1.7)
    xmpp4r (0.5)
    xpath (0.1.4)
      nokogiri (~> 1.3)

PLATFORMS
  ruby

DEPENDENCIES
  acts_as_list
  capistrano
  capybara
  coffee-rails (~> 3.2.2)
  crack
  database_cleaner
  delayed_job
  delayed_job_active_record
  faker
  grizzled-rails-logger
  haml
  jquery-rails
  json
  launchy
  machinist
  mocha
  mysql2 (~> 0.3.10)
  nokogiri
  notifo
  open4
  rails (= 3.2.8)
  ruby-debug
  ruby-debug19
  rvm-capistrano
  scashin133-xmpp4r-simple (= 0.8.9)
  shout-bot
  stringex
  therubyracer
  thin
  tinder
  twitter-bootstrap-rails
  uglifier (>= 1.2.6)
  webmock
